GEM
  remote: https://rubygems.org/
  specs:
    grpc-tools (1.65.2)

PLATFORMS
  ruby

DEPENDENCIES
  grpc-tools (= 1.65.2)

BUNDLED WITH
   2.1.4
