GEM
  remote: https://rubygems.org/
  specs:
    grpc-tools (1.50.0)

PLATFORMS
  ruby

DEPENDENCIES
  grpc-tools (= 1.50.0)

BUNDLED WITH
   2.1.4
