GEM
  remote: https://rubygems.org/
  specs:
    grpc-tools (1.74.0)

PLATFORMS
  ruby

DEPENDENCIES
  grpc-tools (= 1.74.0)

BUNDLED WITH
   2.6.8
